GEM
  remote: http://rubygems.org/
  specs:
    foreman (0.48.0.pre1)
      thor (>= 0.13.6)
    kgio (2.7.4)
    rack (1.4.1)
    raindrops (0.9.0)
    thor (0.15.2)
    unicorn (4.3.1)
      kgio (~> 2.6)
      rack
      raindrops (~> 0.7)

PLATFORMS
  ruby

DEPENDENCIES
  foreman (>= 0.48.0.pre1)
  unicorn
